PATH
  remote: .
  specs:
    tub (0.1.0)
      activesupport
      thin

GEM
  remote: http://rubygems.org/
  specs:
    ZenTest (4.4.2)
    activesupport (3.0.3)
    autotest (4.4.6)
      ZenTest (>= 4.4.1)
    daemons (1.1.0)
    diff-lcs (1.1.2)
    eventmachine (0.12.10)
    rack (1.2.1)
    rspec (2.4.0)
      rspec-core (~> 2.4.0)
      rspec-expectations (~> 2.4.0)
      rspec-mocks (~> 2.4.0)
    rspec-core (2.4.0)
    rspec-expectations (2.4.0)
      diff-lcs (~> 1.1.2)
    rspec-mocks (2.4.0)
    thin (1.2.7)
      daemons (>= 1.0.9)
      eventmachine (>= 0.12.6)
      rack (>= 1.0.0)

PLATFORMS
  ruby

DEPENDENCIES
  activesupport
  autotest
  rspec
  thin
  tub!
